PATH
  remote: .
  specs:
    discord_api (0.0.1)
      faraday (~> 2.0)

GEM
  remote: https://rubygems.org/
  specs:
    base64 (0.1.1)
    dotenv (2.8.1)
    faraday (2.7.11)
      base64
      faraday-net_http (>= 2.0, < 3.1)
      ruby2_keywords (>= 0.0.4)
    faraday-net_http (3.0.2)
    minitest (5.20.0)
    rake (13.1.0)
    ruby2_keywords (0.0.5)

PLATFORMS
  x86_64-linux

DEPENDENCIES
  discord_api!
  dotenv
  minitest (~> 5.0)
  rake (~> 13.0)

BUNDLED WITH
   2.4.21
